PATH
  remote: .
  specs:
    tiqav (0.0.5)

GEM
  remote: https://rubygems.org/
  specs:
    rake (10.0.4)

PLATFORMS
  ruby

DEPENDENCIES
  bundler (~> 1.3)
  rake
  tiqav!
