PATH
  remote: .
  specs:
    tiqav (0.0.6)
      addressable
      json

GEM
  remote: https://rubygems.org/
  specs:
    addressable (2.3.3)
    json (1.7.7)
    minitest (4.7.0)
    rake (10.0.4)

PLATFORMS
  java
  ruby

DEPENDENCIES
  bundler (~> 1.3)
  minitest
  rake
  tiqav!
